{
    "TaskName": "movie",
    "Modality": "MR",
    "MagneticFieldStrength": 3,
    "ImagingFrequency": 123.246,
    "Manufacturer": "Siemens",
    "ManufacturersModelName": "Prisma",
    "InstitutionName": "Center for Brain Imaging Science and Technology, Zhejiang Univer",
    "InstitutionalDepartmentName": "Department",
    "InstitutionAddress": "Kaixuan road Huajiachi, Hangzhou, CN, 310001",
    "DeviceSerialNumber": "66029",
    "PatientPosition": "HFS",
    "SoftwareVersions": "syngo MR E11",
    "MRAcquisitionType": "2D",
    "ScanningSequence": "EP",
    "SequenceVariant": [
        "SK",
        "SS"
    ],
    "ScanOptions": "FS",
    "SequenceName": "epfid2d1_92",
    "SeriesNumber": 7,
    "AcquisitionTime": "13:35:44.555000",
    "AcquisitionNumber": 1,
    "SliceThickness": 2.5,
    "SpacingBetweenSlices": 2.5,
    "EchoTime": 0.034,
    "RepetitionTime": 1.0,
    "FlipAngle": 50,
    "PartialFourier": 1,
    "BaseResolution": 92,
    "PhaseResolution": 1,
    "ReceiveCoilName": "HeadNeck_20",
    "ReceiveCoilActiveElements": "HE1-4;NE1,2",
    "PulseSequenceDetails": "%CustomerSeq%\\cmrr_mbep2d_bold",
    "MultibandAccelerationFactor": 4,
    "EchoTrainLength": 92,
    "PhaseEncodingSteps": 92,
    "AcquisitionMatrixPE": 92,
    "ReconMatrixPE": 92,
    "BandwidthPerPixelPhaseEncode": 18.741,
    "EffectiveEchoSpacing": 0.000579989,
    "TotalReadoutTime": 0.052779,
    "PixelBandwidth": 2175,
    "DwellTime": 2.5e-06,
    "PhaseEncodingDirection": "j",
    "SliceTiming": [
        0,
        0.5275,
        0.075,
        0.6025,
        0.15,
        0.68,
        0.2275,
        0.755,
        0.3025,
        0.83,
        0.3775,
        0.905,
        0.4525,
        0,
        0.5275,
        0.075,
        0.6025,
        0.15,
        0.68,
        0.2275,
        0.755,
        0.3025,
        0.83,
        0.3775,
        0.905,
        0.4525,
        0,
        0.5275,
        0.075,
        0.6025,
        0.15,
        0.68,
        0.2275,
        0.755,
        0.3025,
        0.83,
        0.3775,
        0.905,
        0.4525,
        0,
        0.5275,
        0.075,
        0.6025,
        0.15,
        0.68,
        0.2275,
        0.755,
        0.3025,
        0.83,
        0.3775,
        0.905,
        0.4525
    ],
    "ConversionSoftware": "dcm2niix",
    "ConversionSoftwareVersion": "v1.0.20210317",
    "EPIFactor": 92,
    "TaskDescription": "Passive movie watching",
    "PhaseEncodingAxis": "A>>P",
    "SliceEncodingDirection": "k",
    "NumberOfVolumesDiscardedByScanner": 0,
    "NumberOfVolumesDiscardedByUser": 0,
    "DelayTime": 0,
    "ParallelReductionFactorInPlane": 3,
    "ParallelReductionType": "GRAPPA",
    "PulseSequenceType": "Multiband Gradient Echo EPI",
    "ParallelAcquisitionTechnique": "GRAPPA",
    "CoilCombinationMethod": "Adaptive Combine",
    "FatSuppression": "Fat sat.",
    "PrescanNormalize": "On",
    "TaskInstructions": "Keep eyes open and watch the movie"
}