{
    "Modality": "MR",
    "MagneticFieldStrength": 3.0,
    "ImagingFrequency": 123.247,
    "Manufacturer": "Siemens",
    "ManufacturersModelName": "Prisma",
    "InstitutionName": "Center for Brain Imaging Science and Technology, Zhejiang Univer",
    "InstitutionalDepartmentName": "Department",
    "InstitutionAddress": "Kaixuan road Huajiachi   ,Hangzhou//79FA6E//,Jianggan,CN,310001",
    "DeviceSerialNumber": "66029",
    "BodyPartExamined": "HEAD",
    "PatientPosition": "HFS",
    "SoftwareVersions": "syngo MR E11",
    "SeriesDescription": "t1_mprage_sag_p2_iso",
    "ProtocolName": "t1_mprage_sag_p2_iso",
    "ScanningSequence": [
        "GR",
        "IR"
    ],
    "SequenceVariant": [
        "SK",
        "SP",
        "MP"
    ],
    "SequenceName": "tfl3d1_16ns",
    "ImageType": [
        "ORIGINAL",
        "PRIMARY",
        "M",
        "ND",
        "NORM"
    ],
    "SeriesNumber": 5,
    "AcquisitionTime": "12:25:41.142500",
    "AcquisitionNumber": 1,
    "SliceThickness": 0.9,
    "EchoTime": 0.00232,
    "RepetitionTime": 2.3,
    "InversionTime": 0.9,
    "FlipAngle": 8,
    "PartialFourier": 0.75,
    "BaseResolution": 256,
    "PhaseResolution": 1,
    "ReceiveCoilName": "HeadNeck_20",
    "ReceiveCoilActiveElements": "HE1-4;NE1,2",
    "PulseSequenceDetails": "%SiemensSeq%\\tfl",
    "PercentPhaseFOV": 100,
    "PercentSampling": 100,
    "PhaseEncodingSteps": 255,
    "AcquisitionMatrixPE": 256,
    "ReconMatrixPE": 256,
    "ParallelReductionFactorInPlane": 2,
    "PixelBandwidth": 200,
    "DwellTime": 9.8e-06,
    "ConversionSoftware": "dcm2niix",
    "ConversionSoftwareVersion": "v1.0.20210317",
    "ParallelAcquisitionTechnique": "GRAPPA"
}